PATH
  remote: .
  specs:
    jmongo (0.1.6)

GEM
  remote: http://rubygems.org/
  specs:
    awesome_print (0.4.0)
    bones (3.7.0)
      little-plugger (>= 1.1.2)
      loquacious (>= 1.7.0)
      rake (>= 0.8.7)
    diff-lcs (1.1.2)
    little-plugger (1.1.2)
    loquacious (1.8.1)
    rake (0.9.2)
    rspec (2.6.0)
      rspec-core (~> 2.6.0)
      rspec-expectations (~> 2.6.0)
      rspec-mocks (~> 2.6.0)
    rspec-core (2.6.4)
    rspec-expectations (2.6.0)
      diff-lcs (~> 1.1.2)
    rspec-mocks (2.6.0)

PLATFORMS
  java

DEPENDENCIES
  awesome_print
  bones (>= 3.4.1)
  jmongo!
  rspec
